GEM
  remote: https://rubygems.org/
  specs:
    byebug (1.1.1)
      columnize (~> 0.3.6)
      debugger-linecache (~> 1.2.0)
    coderay (1.1.0)
    columnize (0.3.6)
    debugger-linecache (1.2.0)
    method_source (0.8.2)
    pry (0.10.0)
      coderay (~> 1.1.0)
      method_source (~> 0.8.1)
      slop (~> 3.4)
    pry-byebug (1.0.1)
      byebug (~> 1.1.1)
      pry (>= 0.9.10)
    slop (3.5.0)

PLATFORMS
  ruby

DEPENDENCIES
  pry
  pry-byebug
